GEM
  remote: https://rubygems.org/
  specs:
    gemika (0.5.0)
    rake (12.3.2)

PLATFORMS
  ruby

DEPENDENCIES
  gemika
  rake

BUNDLED WITH
   2.2.3
