PATH
  remote: ../..
  specs:
    spreewald (2.7.0)
      cucumber
      cucumber_priority (>= 0.3.0)
      rspec (>= 2.13.0)

GEM
  remote: https://rubygems.org/
  specs:
    actioncable (6.0.2.2)
      actionpack (= 6.0.2.2)
      nio4r (~> 2.0)
      websocket-driver (>= 0.6.1)
    actionmailbox (6.0.2.2)
      actionpack (= 6.0.2.2)
      activejob (= 6.0.2.2)
      activerecord (= 6.0.2.2)
      activestorage (= 6.0.2.2)
      activesupport (= 6.0.2.2)
      mail (>= 2.7.1)
    actionmailer (6.0.2.2)
      actionpack (= 6.0.2.2)
      actionview (= 6.0.2.2)
      activejob (= 6.0.2.2)
      mail (~> 2.5, >= 2.5.4)
      rails-dom-testing (~> 2.0)
    actionpack (6.0.2.2)
      actionview (= 6.0.2.2)
      activesupport (= 6.0.2.2)
      rack (~> 2.0, >= 2.0.8)
      rack-test (>= 0.6.3)
      rails-dom-testing (~> 2.0)
      rails-html-sanitizer (~> 1.0, >= 1.2.0)
    actiontext (6.0.2.2)
      actionpack (= 6.0.2.2)
      activerecord (= 6.0.2.2)
      activestorage (= 6.0.2.2)
      activesupport (= 6.0.2.2)
      nokogiri (>= 1.8.5)
    actionview (6.0.2.2)
      activesupport (= 6.0.2.2)
      builder (~> 3.1)
      erubi (~> 1.4)
      rails-dom-testing (~> 2.0)
      rails-html-sanitizer (~> 1.1, >= 1.2.0)
    activejob (6.0.2.2)
      activesupport (= 6.0.2.2)
      globalid (>= 0.3.6)
    activemodel (6.0.2.2)
      activesupport (= 6.0.2.2)
    activerecord (6.0.2.2)
      activemodel (= 6.0.2.2)
      activesupport (= 6.0.2.2)
    activestorage (6.0.2.2)
      actionpack (= 6.0.2.2)
      activejob (= 6.0.2.2)
      activerecord (= 6.0.2.2)
      marcel (~> 0.3.1)
    activesupport (6.0.2.2)
      concurrent-ruby (~> 1.0, >= 1.0.2)
      i18n (>= 0.7, < 2)
      minitest (~> 5.1)
      tzinfo (~> 1.1)
      zeitwerk (~> 2.2)
    addressable (2.7.0)
      public_suffix (>= 2.0.2, < 5.0)
    backports (3.17.0)
    builder (3.2.4)
    byebug (11.1.1)
    capybara (3.32.0)
      addressable
      mini_mime (>= 0.1.3)
      nokogiri (~> 1.8)
      rack (>= 1.6.0)
      rack-test (>= 0.6.3)
      regexp_parser (~> 1.5)
      xpath (~> 3.2)
    capybara-screenshot (1.0.24)
      capybara (>= 1.0, < 4)
      launchy
    childprocess (3.0.0)
    coderay (1.1.2)
    concurrent-ruby (1.1.6)
    crass (1.0.6)
    cucumber (3.1.2)
      builder (>= 2.1.2)
      cucumber-core (~> 3.2.0)
      cucumber-expressions (~> 6.0.1)
      cucumber-wire (~> 0.0.1)
      diff-lcs (~> 1.3)
      gherkin (~> 5.1.0)
      multi_json (>= 1.7.5, < 2.0)
      multi_test (>= 0.1.2)
    cucumber-core (3.2.1)
      backports (>= 3.8.0)
      cucumber-tag_expressions (~> 1.1.0)
      gherkin (~> 5.0)
    cucumber-expressions (6.0.1)
    cucumber-rails (2.0.0)
      capybara (>= 2.12, < 4)
      cucumber (>= 3.0.2, < 4)
      mime-types (>= 2.0, < 4)
      nokogiri (~> 1.8)
      railties (>= 4.2, < 7)
    cucumber-tag_expressions (1.1.1)
    cucumber-wire (0.0.1)
    cucumber_priority (0.3.2)
      cucumber
    database_cleaner (1.7.0)
    diff-lcs (1.3)
    erubi (1.9.0)
    erubis (2.7.0)
    gemika (0.4.0)
    gherkin (5.1.0)
    globalid (0.4.2)
      activesupport (>= 4.2.0)
    haml (5.1.2)
      temple (>= 0.8.0)
      tilt
    haml-rails (2.0.1)
      actionpack (>= 5.1)
      activesupport (>= 5.1)
      haml (>= 4.0.6, < 6.0)
      html2haml (>= 1.0.1)
      railties (>= 5.1)
    html2haml (2.2.0)
      erubis (~> 2.7.0)
      haml (>= 4.0, < 6)
      nokogiri (>= 1.6.0)
      ruby_parser (~> 3.5)
    i18n (1.8.2)
      concurrent-ruby (~> 1.0)
    launchy (2.5.0)
      addressable (~> 2.7)
    loofah (2.4.0)
      crass (~> 1.0.2)
      nokogiri (>= 1.5.9)
    mail (2.7.1)
      mini_mime (>= 0.1.1)
    marcel (0.3.3)
      mimemagic (~> 0.3.2)
    method_source (1.0.0)
    mime-types (3.3.1)
      mime-types-data (~> 3.2015)
    mime-types-data (3.2019.1009)
    mimemagic (0.3.4)
    mini_mime (1.0.2)
    mini_portile2 (2.4.0)
    minitest (5.14.0)
    multi_json (1.14.1)
    multi_test (0.1.2)
    nio4r (2.5.2)
    nokogiri (1.10.9)
      mini_portile2 (~> 2.4.0)
    pry (0.13.0)
      coderay (~> 1.1)
      method_source (~> 1.0)
    public_suffix (4.0.3)
    rack (2.2.2)
    rack-test (1.1.0)
      rack (>= 1.0, < 3)
    rails (6.0.2.2)
      actioncable (= 6.0.2.2)
      actionmailbox (= 6.0.2.2)
      actionmailer (= 6.0.2.2)
      actionpack (= 6.0.2.2)
      actiontext (= 6.0.2.2)
      actionview (= 6.0.2.2)
      activejob (= 6.0.2.2)
      activemodel (= 6.0.2.2)
      activerecord (= 6.0.2.2)
      activestorage (= 6.0.2.2)
      activesupport (= 6.0.2.2)
      bundler (>= 1.3.0)
      railties (= 6.0.2.2)
      sprockets-rails (>= 2.0.0)
    rails-dom-testing (2.0.3)
      activesupport (>= 4.2.0)
      nokogiri (>= 1.6)
    rails-html-sanitizer (1.3.0)
      loofah (~> 2.3)
    railties (6.0.2.2)
      actionpack (= 6.0.2.2)
      activesupport (= 6.0.2.2)
      method_source
      rake (>= 0.8.7)
      thor (>= 0.20.3, < 2.0)
    rake (13.0.1)
    regexp_parser (1.7.0)
    rspec (3.9.0)
      rspec-core (~> 3.9.0)
      rspec-expectations (~> 3.9.0)
      rspec-mocks (~> 3.9.0)
    rspec-core (3.9.1)
      rspec-support (~> 3.9.1)
    rspec-expectations (3.9.1)
      diff-lcs (>= 1.2.0, < 2.0)
      rspec-support (~> 3.9.0)
    rspec-mocks (3.9.1)
      diff-lcs (>= 1.2.0, < 2.0)
      rspec-support (~> 3.9.0)
    rspec-rails (4.0.0)
      actionpack (>= 4.2)
      activesupport (>= 4.2)
      railties (>= 4.2)
      rspec-core (~> 3.9)
      rspec-expectations (~> 3.9)
      rspec-mocks (~> 3.9)
      rspec-support (~> 3.9)
    rspec-support (3.9.2)
    ruby_parser (3.14.2)
      sexp_processor (~> 4.9)
    rubyzip (2.3.0)
    selenium-webdriver (3.142.7)
      childprocess (>= 0.5, < 4.0)
      rubyzip (>= 1.2.2)
    sexp_processor (4.14.1)
    sprockets (4.0.0)
      concurrent-ruby (~> 1.0)
      rack (> 1, < 3)
    sprockets-rails (3.2.1)
      actionpack (>= 4.0)
      activesupport (>= 4.0)
      sprockets (>= 3.0.0)
    sqlite3 (1.4.2)
    temple (0.8.2)
    thor (1.0.1)
    thread_safe (0.3.6)
    tilt (2.0.10)
    tzinfo (1.2.6)
      thread_safe (~> 0.1)
    websocket-driver (0.7.1)
      websocket-extensions (>= 0.1.0)
    websocket-extensions (0.1.4)
    xpath (3.2.0)
      nokogiri (~> 1.8)
    zeitwerk (2.3.0)

PLATFORMS
  ruby

DEPENDENCIES
  byebug
  capybara (~> 3)
  capybara-screenshot
  cucumber
  cucumber-rails
  database_cleaner
  gemika
  haml-rails
  pry
  rails (~> 6.0)
  rspec-rails
  selenium-webdriver
  spreewald!
  sqlite3

RUBY VERSION
   ruby 2.6.6p146

BUNDLED WITH
   2.1.4
