PATH
  remote: ../..
  specs:
    spreewald (4.5.1)
      capybara
      cucumber
      cucumber_priority (>= 0.3.0)
      rspec (>= 2.13.0)
      xpath

GEM
  remote: https://rubygems.org/
  specs:
    actioncable (7.0.2.3)
      actionpack (= 7.0.2.3)
      activesupport (= 7.0.2.3)
      nio4r (~> 2.0)
      websocket-driver (>= 0.6.1)
    actionmailbox (7.0.2.3)
      actionpack (= 7.0.2.3)
      activejob (= 7.0.2.3)
      activerecord (= 7.0.2.3)
      activestorage (= 7.0.2.3)
      activesupport (= 7.0.2.3)
      mail (>= 2.7.1)
      net-imap
      net-pop
      net-smtp
    actionmailer (7.0.2.3)
      actionpack (= 7.0.2.3)
      actionview (= 7.0.2.3)
      activejob (= 7.0.2.3)
      activesupport (= 7.0.2.3)
      mail (~> 2.5, >= 2.5.4)
      net-imap
      net-pop
      net-smtp
      rails-dom-testing (~> 2.0)
    actionpack (7.0.2.3)
      actionview (= 7.0.2.3)
      activesupport (= 7.0.2.3)
      rack (~> 2.0, >= 2.2.0)
      rack-test (>= 0.6.3)
      rails-dom-testing (~> 2.0)
      rails-html-sanitizer (~> 1.0, >= 1.2.0)
    actiontext (7.0.2.3)
      actionpack (= 7.0.2.3)
      activerecord (= 7.0.2.3)
      activestorage (= 7.0.2.3)
      activesupport (= 7.0.2.3)
      globalid (>= 0.6.0)
      nokogiri (>= 1.8.5)
    actionview (7.0.2.3)
      activesupport (= 7.0.2.3)
      builder (~> 3.1)
      erubi (~> 1.4)
      rails-dom-testing (~> 2.0)
      rails-html-sanitizer (~> 1.1, >= 1.2.0)
    activejob (7.0.2.3)
      activesupport (= 7.0.2.3)
      globalid (>= 0.3.6)
    activemodel (7.0.2.3)
      activesupport (= 7.0.2.3)
    activerecord (7.0.2.3)
      activemodel (= 7.0.2.3)
      activesupport (= 7.0.2.3)
    activestorage (7.0.2.3)
      actionpack (= 7.0.2.3)
      activejob (= 7.0.2.3)
      activerecord (= 7.0.2.3)
      activesupport (= 7.0.2.3)
      marcel (~> 1.0)
      mini_mime (>= 1.1.0)
    activesupport (7.0.2.3)
      concurrent-ruby (~> 1.0, >= 1.0.2)
      i18n (>= 1.6, < 2)
      minitest (>= 5.1)
      tzinfo (~> 2.0)
    addressable (2.8.0)
      public_suffix (>= 2.0.2, < 5.0)
    builder (3.2.4)
    byebug (11.1.3)
    capybara (3.36.0)
      addressable
      matrix
      mini_mime (>= 0.1.3)
      nokogiri (~> 1.8)
      rack (>= 1.6.0)
      rack-test (>= 0.6.3)
      regexp_parser (>= 1.5, < 3.0)
      xpath (~> 3.2)
    capybara-screenshot (1.0.25)
      capybara (>= 1.0, < 4)
      launchy
    childprocess (3.0.0)
    coderay (1.1.3)
    concurrent-ruby (1.1.10)
    crass (1.0.6)
    cucumber (7.1.0)
      builder (~> 3.2, >= 3.2.4)
      cucumber-core (~> 10.1, >= 10.1.0)
      cucumber-create-meta (~> 6.0, >= 6.0.1)
      cucumber-cucumber-expressions (~> 14.0, >= 14.0.0)
      cucumber-gherkin (~> 22.0, >= 22.0.0)
      cucumber-html-formatter (~> 17.0, >= 17.0.0)
      cucumber-messages (~> 17.1, >= 17.1.1)
      cucumber-wire (~> 6.2, >= 6.2.0)
      diff-lcs (~> 1.4, >= 1.4.4)
      mime-types (~> 3.3, >= 3.3.1)
      multi_test (~> 0.1, >= 0.1.2)
      sys-uname (~> 1.2, >= 1.2.2)
    cucumber-core (10.1.1)
      cucumber-gherkin (~> 22.0, >= 22.0.0)
      cucumber-messages (~> 17.1, >= 17.1.1)
      cucumber-tag-expressions (~> 4.1, >= 4.1.0)
    cucumber-create-meta (6.0.4)
      cucumber-messages (~> 17.1, >= 17.1.1)
      sys-uname (~> 1.2, >= 1.2.2)
    cucumber-cucumber-expressions (14.0.0)
    cucumber-gherkin (22.0.0)
      cucumber-messages (~> 17.1, >= 17.1.1)
    cucumber-html-formatter (17.0.0)
      cucumber-messages (~> 17.1, >= 17.1.0)
    cucumber-messages (17.1.1)
    cucumber-rails (2.5.0)
      capybara (>= 2.18, < 4)
      cucumber (>= 3.2, < 8)
      mime-types (~> 3.3)
      nokogiri (~> 1.10)
      railties (>= 5.0, < 8)
      rexml (~> 3.0)
      webrick (~> 1.7)
    cucumber-tag-expressions (4.1.0)
    cucumber-wire (6.2.1)
      cucumber-core (~> 10.1, >= 10.1.0)
      cucumber-cucumber-expressions (~> 14.0, >= 14.0.0)
    cucumber_priority (0.3.3)
      cucumber
    database_cleaner (2.0.1)
      database_cleaner-active_record (~> 2.0.0)
    database_cleaner-active_record (2.0.0)
      activerecord (>= 5.a)
      database_cleaner-core (~> 2.0.0)
    database_cleaner-core (2.0.1)
    diff-lcs (1.5.0)
    digest (3.1.0)
    erubi (1.10.0)
    erubis (2.7.0)
    ffi (1.15.5)
    gemika (0.8.1)
    globalid (1.0.0)
      activesupport (>= 5.0)
    haml (5.2.1)
      temple (>= 0.8.0)
      tilt
    haml-rails (2.0.1)
      actionpack (>= 5.1)
      activesupport (>= 5.1)
      haml (>= 4.0.6, < 6.0)
      html2haml (>= 1.0.1)
      railties (>= 5.1)
    html2haml (2.2.0)
      erubis (~> 2.7.0)
      haml (>= 4.0, < 6)
      nokogiri (>= 1.6.0)
      ruby_parser (~> 3.5)
    i18n (1.10.0)
      concurrent-ruby (~> 1.0)
    io-wait (0.2.1)
    launchy (2.5.0)
      addressable (~> 2.7)
    loofah (2.15.0)
      crass (~> 1.0.2)
      nokogiri (>= 1.5.9)
    mail (2.7.1)
      mini_mime (>= 0.1.1)
    marcel (1.0.2)
    matrix (0.4.2)
    method_source (1.0.0)
    mime-types (3.4.1)
      mime-types-data (~> 3.2015)
    mime-types-data (3.2022.0105)
    mini_mime (1.1.2)
    minitest (5.15.0)
    multi_test (0.1.2)
    net-imap (0.2.3)
      digest
      net-protocol
      strscan
    net-pop (0.1.1)
      digest
      net-protocol
      timeout
    net-protocol (0.1.2)
      io-wait
      timeout
    net-smtp (0.3.1)
      digest
      net-protocol
      timeout
    nio4r (2.5.8)
    nokogiri (1.14.1-x86_64-linux)
      racc (~> 1.4)
    pry (0.14.0)
      coderay (~> 1.1)
      method_source (~> 1.0)
    public_suffix (4.0.6)
    racc (1.6.0)
    rack (2.2.3)
    rack-test (1.1.0)
      rack (>= 1.0, < 3)
    rails (7.0.2.3)
      actioncable (= 7.0.2.3)
      actionmailbox (= 7.0.2.3)
      actionmailer (= 7.0.2.3)
      actionpack (= 7.0.2.3)
      actiontext (= 7.0.2.3)
      actionview (= 7.0.2.3)
      activejob (= 7.0.2.3)
      activemodel (= 7.0.2.3)
      activerecord (= 7.0.2.3)
      activestorage (= 7.0.2.3)
      activesupport (= 7.0.2.3)
      bundler (>= 1.15.0)
      railties (= 7.0.2.3)
    rails-dom-testing (2.0.3)
      activesupport (>= 4.2.0)
      nokogiri (>= 1.6)
    rails-html-sanitizer (1.4.2)
      loofah (~> 2.3)
    railties (7.0.2.3)
      actionpack (= 7.0.2.3)
      activesupport (= 7.0.2.3)
      method_source
      rake (>= 12.2)
      thor (~> 1.0)
      zeitwerk (~> 2.5)
    rake (13.0.6)
    regexp_parser (2.2.1)
    rexml (3.2.4)
    rspec (3.10.0)
      rspec-core (~> 3.10.0)
      rspec-expectations (~> 3.10.0)
      rspec-mocks (~> 3.10.0)
    rspec-core (3.10.1)
      rspec-support (~> 3.10.0)
    rspec-expectations (3.10.1)
      diff-lcs (>= 1.2.0, < 2.0)
      rspec-support (~> 3.10.0)
    rspec-mocks (3.10.2)
      diff-lcs (>= 1.2.0, < 2.0)
      rspec-support (~> 3.10.0)
    rspec-rails (5.0.1)
      actionpack (>= 5.2)
      activesupport (>= 5.2)
      railties (>= 5.2)
      rspec-core (~> 3.10)
      rspec-expectations (~> 3.10)
      rspec-mocks (~> 3.10)
      rspec-support (~> 3.10)
    rspec-support (3.10.2)
    ruby_parser (3.15.1)
      sexp_processor (~> 4.9)
    rubyzip (2.3.0)
    selenium-webdriver (3.142.7)
      childprocess (>= 0.5, < 4.0)
      rubyzip (>= 1.2.2)
    sexp_processor (4.15.2)
    sqlite3 (1.4.2)
    strscan (3.0.1)
    sys-uname (1.2.2)
      ffi (~> 1.1)
    temple (0.8.2)
    thor (1.2.1)
    tilt (2.0.10)
    timeout (0.2.0)
    tzinfo (2.0.4)
      concurrent-ruby (~> 1.0)
    webrick (1.7.0)
    websocket-driver (0.7.5)
      websocket-extensions (>= 0.1.0)
    websocket-extensions (0.1.5)
    xpath (3.2.0)
      nokogiri (~> 1.8)
    zeitwerk (2.5.4)

PLATFORMS
  x86_64-linux

DEPENDENCIES
  byebug
  capybara (~> 3)
  capybara-screenshot
  cucumber
  cucumber-rails
  database_cleaner
  gemika
  haml-rails
  pry
  rails (~> 7)
  rexml
  rspec-rails
  selenium-webdriver
  spreewald!
  sqlite3
  webrick

RUBY VERSION
   ruby 3.2.0p0

BUNDLED WITH
   2.2.24
